GIT
  remote: https://github.com/danbooru/dtext_rb
  revision: 906a6b2f7979ff7bc6f57143f41ddcf559d63eeb
  specs:
    dtext_rb (1.12.8)

GIT
  remote: https://github.com/nonamethanks/ruby-booru
  revision: 77d5a9ea4d86abe33c687e060b8d54076bdbf53e
  specs:
    ruby-booru (0.2.4)
      activesupport (~> 8)
      addressable (~> 2)
      connection_pool (~> 2)
      dotenv (~> 2)
      dtext_rb (~> 1)
      gli (~> 2.22)
      http (~> 4)
      nokogiri (~> 1.18)
      rdoc (~> 6.13)
      rest-client (~> 2.1)
      retriable (~> 3)

GIT
  remote: https://github.com/shardlab/discordrb.git
  revision: 402bebe1d075796f5fdee1223fc883e24756b6e0
  ref: 402bebe1d075796f5fdee1223fc883e24756b6e0
  specs:
    discordrb (3.4.2)
      discordrb-webhooks (~> 3.4.2)
      ffi (>= 1.9.24)
      opus-ruby
      rest-client (>= 2.0.0)
      websocket-client-simple (>= 0.3.0)
    discordrb-webhooks (3.4.2)
      rest-client (>= 2.0.0)

PATH
  remote: .
  specs:
    fumimi-discord (0.1.0)

GEM
  remote: https://rubygems.org/
  specs:
    activesupport (8.0.2)
      base64
      benchmark (>= 0.3)
      bigdecimal
      concurrent-ruby (~> 1.0, >= 1.3.1)
      connection_pool (>= 2.2.5)
      drb
      i18n (>= 1.6, < 2)
      logger (>= 1.4.2)
      minitest (>= 5.1)
      securerandom (>= 0.3)
      tzinfo (~> 2.0, >= 2.0.5)
      uri (>= 0.13.1)
    addressable (2.8.7)
      public_suffix (>= 2.0.2, < 7.0)
    base64 (0.2.0)
    benchmark (0.4.0)
    bigdecimal (3.1.9)
    byebug (12.0.0)
    coderay (1.1.3)
    concurrent-ruby (1.3.5)
    connection_pool (2.5.3)
    date (3.4.1)
    dentaku (3.5.4)
      bigdecimal
      concurrent-ruby
    domain_name (0.6.20240107)
    dotenv (2.8.1)
    drb (2.2.1)
    event_emitter (0.2.6)
    ffi (1.17.2-x86_64-linux-gnu)
    ffi-compiler (1.3.2)
      ffi (>= 1.15.5)
      rake
    gli (2.22.2)
      ostruct
    http (4.4.1)
      addressable (~> 2.3)
      http-cookie (~> 1.0)
      http-form_data (~> 2.2)
      http-parser (~> 1.2.0)
    http-accept (1.7.0)
    http-cookie (1.0.8)
      domain_name (~> 0.5)
    http-form_data (2.3.0)
    http-parser (1.2.3)
      ffi-compiler (>= 1.0, < 2.0)
    i18n (1.14.7)
      concurrent-ruby (~> 1.0)
    logger (1.7.0)
    method_source (1.1.0)
    mime-types (3.7.0)
      logger
      mime-types-data (~> 3.2025, >= 3.2025.0507)
    mime-types-data (3.2025.0514)
    minitest (5.25.5)
    mutex_m (0.3.0)
    netrc (0.11.0)
    nokogiri (1.18.8-x86_64-linux-gnu)
      racc (~> 1.4)
    opus-ruby (1.0.1)
      ffi
    ostruct (0.6.1)
    pry (0.15.2)
      coderay (~> 1.1)
      method_source (~> 1.0)
    pry-byebug (3.11.0)
      byebug (~> 12.0)
      pry (>= 0.13, < 0.16)
    psych (5.2.6)
      date
      stringio
    public_suffix (6.0.2)
    racc (1.8.1)
    rake (13.2.1)
    rdoc (6.13.1)
      psych (>= 4.0.0)
    rest-client (2.1.0)
      http-accept (>= 1.7.0, < 2.0)
      http-cookie (>= 1.0.2, < 2.0)
      mime-types (>= 1.16, < 4.0)
      netrc (~> 0.8)
    retriable (3.1.2)
    securerandom (0.4.1)
    stringio (3.1.7)
    tzinfo (2.0.6)
      concurrent-ruby (~> 1.0)
    uri (1.0.3)
    websocket (1.2.11)
    websocket-client-simple (0.9.0)
      base64
      event_emitter
      mutex_m
      websocket

PLATFORMS
  x86_64-linux

DEPENDENCIES
  activesupport
  addressable
  bundler (~> 2)
  dentaku
  discordrb!
  dotenv
  dtext_rb!
  fumimi-discord!
  gli
  minitest (~> 5.0)
  pry (~> 0.10)
  pry-byebug (~> 3.4)
  rake (~> 13.0)
  ruby-booru (~> 0.2.4)!

BUNDLED WITH
   2.6.9
